PATH
  remote: .
  specs:
    dpkginv (0.1.1)
      json
      ohai

GEM
  remote: http://rubygems.org/
  specs:
    ipaddress (0.8.0)
    json (1.7.4)
    mixlib-cli (1.2.2)
    mixlib-config (1.1.2)
    mixlib-log (1.4.1)
    ohai (6.14.0)
      ipaddress
      mixlib-cli
      mixlib-config
      mixlib-log
      systemu
      yajl-ruby
    systemu (2.5.2)
    yajl-ruby (1.1.0)

PLATFORMS
  ruby

DEPENDENCIES
  dpkginv!
