PATH
  remote: .
  specs:
    dpkginv (0.1.4)
      json (~> 2)
      ohai (~> 6)

GEM
  remote: https://rubygems.org/
  specs:
    ipaddress (0.8.3)
    json (2.2.0)
    mixlib-cli (2.1.1)
    mixlib-config (3.0.1)
      tomlrb
    mixlib-log (3.0.1)
    mixlib-shellout (3.0.4)
    ohai (6.24.2)
      ipaddress
      mixlib-cli
      mixlib-config
      mixlib-log
      mixlib-shellout
      systemu (~> 2.5.2)
      yajl-ruby
    systemu (2.5.2)
    tomlrb (1.2.8)
    yajl-ruby (1.4.1)

PLATFORMS
  ruby

DEPENDENCIES
  dpkginv!

BUNDLED WITH
   1.17.2
